PATH
  remote: .
  specs:
    foodie_ath (0.0.1.pre)

GEM
  remote: https://rubygems.org/
  specs:
    minitest (5.11.3)
    rake (10.5.0)

PLATFORMS
  ruby

DEPENDENCIES
  bundler (~> 1.16)
  foodie_ath!
  minitest (~> 5.0)
  rake (~> 10.0)

BUNDLED WITH
   1.16.2
